GEM
  remote: http://rubygems.org/
  specs:
    async-rack (0.5.1)
      rack (~> 1.1)
    connection_pool (1.2.0)
    daemons (1.1.9)
    diff-lcs (1.2.5)
    eventmachine (1.0.3)
    json (1.8.1)
    mime-types (2.1)
    mono_logger (1.1.0)
    multi_json (1.9.0)
    rack (1.5.2)
    rack-fiber_pool (0.9.3)
    rack-protection (1.5.2)
      rack
    rack-test (0.6.2)
      rack (>= 1.0)
    rake (10.1.1)
    redis (3.0.7)
    redis-namespace (1.4.1)
      redis (~> 3.0.4)
    resque (1.25.2)
      mono_logger (~> 1.0)
      multi_json (~> 1.0)
      redis-namespace (~> 1.3)
      sinatra (>= 0.9.2)
      vegas (~> 0.1.2)
    rest-client (1.6.7)
      mime-types (>= 1.16)
    rhoconnect (4.1.0)
      bundler (~> 1.0)
      connection_pool (~> 1.2.0)
      json (~> 1.8)
      rack (~> 1.5.2)
      rake (~> 10.1.0)
      redis (>= 3.0.1)
      resque (>= 1.22.0)
      rest-client (~> 1.6.1)
      rubyzip (~> 1.1)
      sinatra (~> 1.4)
      thor (~> 0.18.0)
    rhomobile-debug (1.0.7)
    rspec (2.14.1)
      rspec-core (~> 2.14.0)
      rspec-expectations (~> 2.14.0)
      rspec-mocks (~> 2.14.0)
    rspec-core (2.14.8)
    rspec-expectations (2.14.5)
      diff-lcs (>= 1.1.3, < 2.0)
    rspec-mocks (2.14.6)
    rubyzip (1.1.0)
    sinatra (1.4.4)
      rack (~> 1.4)
      rack-protection (~> 1.4)
      tilt (~> 1.3, >= 1.3.4)
    thin (1.6.2)
      daemons (>= 1.0.9)
      eventmachine (>= 1.0.0)
      rack (>= 1.0.0)
    thor (0.18.1)
    tilt (1.4.1)
    vegas (0.1.11)
      rack (>= 1.0.0)

PLATFORMS
  ruby

DEPENDENCIES
  async-rack
  dbd-jdbc (>= 0.1.4)
  dbi (>= 0.4.5)
  eventmachine (~> 1.0.0)
  jdbc-sqlite3 (>= 3.7.2)
  puma (~> 1.6.0)
  rack-fiber_pool
  rack-test (~> 0.6)
  rhoconnect (= 4.1.0)
  rhomobile-debug (>= 1.0.2)
  rspec (~> 2.14)
  thin
  warbler
  win32-process (= 0.6.6)
